GEM
  remote: https://rubygems.org/
  specs:
    json (1.8.1)
    rainbow (2.0.0)
    rake (0.9.2.2)
    travis-lint (2.0.0)
      json

PLATFORMS
  ruby

DEPENDENCIES
  rainbow
  rake
  travis-lint
