GEM
  remote: https://rubygems.org/
  specs:
    diff-lcs (1.2.5)
    json (1.8.1)
    net-scp (1.2.1)
      net-ssh (>= 2.6.5)
    net-ssh (2.9.1)
    rainbow (2.0.0)
    rake (0.9.2.2)
    rspec (3.0.0)
      rspec-core (~> 3.0.0)
      rspec-expectations (~> 3.0.0)
      rspec-mocks (~> 3.0.0)
    rspec-core (3.0.4)
      rspec-support (~> 3.0.0)
    rspec-expectations (3.0.4)
      diff-lcs (>= 1.2.0, < 2.0)
      rspec-support (~> 3.0.0)
    rspec-its (1.0.1)
      rspec-core (>= 2.99.0.beta1)
      rspec-expectations (>= 2.99.0.beta1)
    rspec-mocks (3.0.4)
      rspec-support (~> 3.0.0)
    rspec-support (3.0.4)
    serverspec (2.0.0.beta21)
      rspec (~> 3.0.0)
      rspec-its
      specinfra (~> 2.0.0.beta50)
    specinfra (2.0.0.beta50)
      net-scp
      net-ssh
    travis-lint (2.0.0)
      json

PLATFORMS
  ruby

DEPENDENCIES
  rainbow
  rake
  serverspec (~> 2.0.0.beta)
  travis-lint
